PATH
  remote: ../..
  specs:
    obs-websocket (0.1.1)
      concurrent-ruby (~> 1.1)
      websocket-driver (~> 0.7.5)

GEM
  remote: https://rubygems.org/
  specs:
    concurrent-ruby (1.1.10)
    websocket-driver (0.7.5)
      websocket-extensions (>= 0.1.0)
    websocket-extensions (0.1.5)

PLATFORMS
  x64-mingw-ucrt
  x86_64-linux

DEPENDENCIES
  obs-websocket!

BUNDLED WITH
   2.3.18
